GEM
  remote: https://rubygems.org/
  specs:
    mail (2.5.4)
      mime-types (~> 1.16)
      treetop (~> 1.4.8)
    mime-types (1.25.1)
    mini_portile (0.5.2)
    nokogiri (1.6.0-x86-mingw32)
      mini_portile (~> 0.5.0)
    polyglot (0.3.3)
    rack (1.5.2)
    sinatra (1.1.0)
      rack (~> 1.1)
      tilt (~> 1.1)
    tilt (1.4.1)
    treetop (1.4.15)
      polyglot
      polyglot (>= 0.3.1)

PLATFORMS
  x86-mingw32

DEPENDENCIES
  mail
  nokogiri
  sinatra (= 1.1.0)
